GEM
  remote: http://rubygems.org/
  specs:
    activesupport (3.2.9)
      i18n (~> 0.6)
      multi_json (~> 1.0)
    awesome_print (1.1.0)
    bourne (1.1.2)
      mocha (= 0.10.5)
    clamp (0.5.0)
    colored (1.2)
    git (1.2.5)
    i18n (0.6.1)
    jeweler (1.8.4)
      bundler (~> 1.0)
      git (>= 1.2.5)
      rake
      rdoc
    json (1.7.5)
    metaclass (0.0.1)
    mocha (0.10.5)
      metaclass (~> 0.0.1)
    multi_json (1.5.0)
    rake (10.0.3)
    rcov (0.9.11)
    rdoc (3.12)
      json (~> 1.4)
    rmagick (2.13.1)
    ruby-progressbar (1.0.2)
    shoulda (3.3.2)
      shoulda-context (~> 1.0.1)
      shoulda-matchers (~> 1.4.1)
    shoulda-context (1.0.1)
    shoulda-matchers (1.4.2)
      activesupport (>= 3.0.0)
      bourne (~> 1.1.2)
    simplecov (0.7.1)
      multi_json (~> 1.0)
      simplecov-html (~> 0.7.1)
    simplecov-html (0.7.1)

PLATFORMS
  ruby

DEPENDENCIES
  awesome_print
  bundler
  clamp
  colored
  jeweler (~> 1.8.4)
  rake
  rcov
  rdoc (~> 3.12)
  rmagick
  ruby-progressbar
  shoulda
  simplecov
